GEM
  remote: http://rubygems.org/
  specs:
    erubis (2.7.0)
    haml (3.1.3)
    rack (1.3.4)
    spire (0.2.2)
      erubis (>= 2.7.0)
      haml (>= 3.1.0)
      rack (>= 1.3.0)

PLATFORMS
  ruby

DEPENDENCIES
  spire (>= 0.2.0)
