GEM
  remote: http://rubygems.org/
  specs:
    erubis (2.7.0)
    haml (3.1.3)
    rack (1.3.5)
    rack-rewrite (1.2.1)
    spire (0.4.2)
      erubis (>= 2.7.0)
      haml (>= 3.1.0)
      rack (>= 1.3.0)
      rack-rewrite (>= 1.2.1)

PLATFORMS
  ruby

DEPENDENCIES
  spire (>= 0.4.2)